GEM
  remote: https://rubygems.org/
  specs:
    pg (0.18.4)
    sequel (5.1.0)

PLATFORMS
  ruby

DEPENDENCIES
  pg (= 0.18.4)
  sequel (= 5.1.0)

RUBY VERSION
   ruby 2.4.1p111

BUNDLED WITH
   1.16.0.pre.3
